PATH
  remote: .
  specs:
    portage (0.1.1)
      async

GEM
  remote: https://rubygems.org/
  specs:
    async (1.24.2)
      console (~> 1.0)
      nio4r (~> 2.3)
      timers (~> 4.1)
    async-rspec (1.14.0)
      rspec (~> 3.0)
      rspec-files (~> 1.0)
      rspec-memory (~> 1.0)
    console (1.8.1)
    diff-lcs (1.3)
    nio4r (2.5.2)
    rake (13.0.1)
    rspec (3.9.0)
      rspec-core (~> 3.9.0)
      rspec-expectations (~> 3.9.0)
      rspec-mocks (~> 3.9.0)
    rspec-core (3.9.1)
      rspec-support (~> 3.9.1)
    rspec-expectations (3.9.0)
      diff-lcs (>= 1.2.0, < 2.0)
      rspec-support (~> 3.9.0)
    rspec-files (1.0.2)
      rspec (~> 3.0)
    rspec-memory (1.0.1)
      rspec (~> 3.0)
    rspec-mocks (3.9.1)
      diff-lcs (>= 1.2.0, < 2.0)
      rspec-support (~> 3.9.0)
    rspec-support (3.9.2)
    timers (4.3.0)

PLATFORMS
  ruby

DEPENDENCIES
  async-rspec
  portage!
  rake
  rspec

BUNDLED WITH
   2.1.4
